GEM
  remote: https://rubygems.org/
  specs:
    asciidoctor (2.0.20)
    asciidoctor-diagram (2.2.11)
      asciidoctor (>= 1.5.7, < 3.x)
      asciidoctor-diagram-ditaamini (~> 1.0)
      asciidoctor-diagram-plantuml (~> 1.2021)
      rexml
    asciidoctor-diagram-ditaamini (1.0.3)
    asciidoctor-diagram-plantuml (1.2023.10)
    asciidoctor-revealjs (5.0.1)
      asciidoctor (>= 2.0.0, < 3.0.0)
    rexml (3.2.8)
      strscan (>= 3.0.9)
    strscan (3.1.0)
    webrick (1.8.1)

PLATFORMS
  arm64-darwin-22
  x86_64-linux

DEPENDENCIES
  asciidoctor-diagram
  asciidoctor-revealjs
  webrick (~> 1.8)

BUNDLED WITH
   2.3.7
